GEM
  remote: https://rubygems.org/
  specs:
    archive-tar-minitar (0.5.2)
    childprocess (0.3.2)
      ffi (~> 1.0.6)
    coderay (0.9.8)
    erubis (2.7.0)
    ffi (1.0.11)
    foodcritic (1.2.0)
      gherkin (~> 2.8.0)
      gist (~> 2.0.4)
      nokogiri (~> 1.5.0, != 1.5.2, != 1.5.1)
      pry (~> 0.9.7.4)
      pry-doc (~> 0.3.0)
      rak (~> 1.4)
      treetop (~> 1.4.10)
      yajl-ruby (~> 1.1.0)
    gherkin (2.8.0)
      json (>= 1.4.6)
    gist (2.0.4)
    i18n (0.6.0)
    json (1.5.4)
    log4r (1.1.10)
    method_source (0.6.7)
      ruby_parser (>= 2.3.1)
    net-scp (1.0.4)
      net-ssh (>= 1.99.1)
    net-ssh (2.2.2)
    nokogiri (1.5.0)
    polyglot (0.3.3)
    pry (0.9.7.4)
      coderay (~> 0.9.8)
      method_source (~> 0.6.7)
      ruby_parser (>= 2.3.1)
      slop (~> 2.1.0)
    pry-doc (0.3.0)
      pry (>= 0.9.0)
      yard (>= 0.6.4)
    rak (1.4)
    ruby_parser (2.3.1)
      sexp_processor (~> 3.0)
    sexp_processor (3.2.0)
    slop (2.1.0)
    treetop (1.4.10)
      polyglot
      polyglot (>= 0.3.1)
    vagrant (1.0.3)
      archive-tar-minitar (= 0.5.2)
      childprocess (~> 0.3.1)
      erubis (~> 2.7.0)
      i18n (~> 0.6.0)
      json (~> 1.5.1)
      log4r (~> 1.1.9)
      net-scp (~> 1.0.4)
      net-ssh (~> 2.2.2)
    vagrant-vbguest (0.3.2)
      vagrant (>= 0.9.4)
    virtualbox (0.9.2)
      ffi (~> 1.0.9)
    yajl-ruby (1.1.0)
    yard (0.8.1)

PLATFORMS
  ruby

DEPENDENCIES
  foodcritic (~> 1.2.0)
  vagrant (~> 1.0.3)
  vagrant-vbguest (~> 0.3.2)
  virtualbox (~> 0.9.2)
